GEM
  remote: https://rubygems.org/
  specs:
    actionmailer (3.2.21)
      actionpack (= 3.2.21)
      mail (~> 2.5.4)
    actionpack (3.2.21)
      activemodel (= 3.2.21)
      activesupport (= 3.2.21)
      builder (~> 3.0.0)
      erubis (~> 2.7.0)
      journey (~> 1.0.4)
      rack (~> 1.4.5)
      rack-cache (~> 1.2)
      rack-test (~> 0.6.1)
      sprockets (~> 2.2.1)
    activemodel (3.2.21)
      activesupport (= 3.2.21)
      builder (~> 3.0.0)
    activerecord (3.2.21)
      activemodel (= 3.2.21)
      activesupport (= 3.2.21)
      arel (~> 3.0.2)
      tzinfo (~> 0.3.29)
    activeresource (3.2.21)
      activemodel (= 3.2.21)
      activesupport (= 3.2.21)
    activesupport (3.2.21)
      i18n (~> 0.6, >= 0.6.4)
      multi_json (~> 1.0)
    addressable (2.2.8)
    arel (3.0.3)
    bourbon (2.1.0)
      sass (>= 3.1)
    bourne (1.1.1)
      mocha (= 0.10.4)
    builder (3.0.4)
    coffee-rails (3.2.2)
      coffee-script (>= 2.2.0)
      railties (~> 3.2.0)
    coffee-script (2.3.0)
      coffee-script-source
      execjs
    coffee-script-source (1.8.0)
    database_cleaner (0.7.1)
    diff-lcs (1.1.3)
    dynamic_form (1.1.4)
    erubis (2.7.0)
    execjs (2.2.2)
    factory_girl (2.6.4)
      activesupport (>= 2.3.9)
    factory_girl_rails (1.7.0)
      factory_girl (~> 2.6.0)
      railties (>= 3.0.0)
    fakeweb (1.3.0)
    flutie (1.3.3)
    foreman (0.40.0)
      term-ansicolor (~> 1.0.7)
      thor (>= 0.13.6)
    formtastic (2.0.2)
      rails (~> 3.0)
    heroku_rails_deflate (1.0.3)
      actionpack (>= 3.2.13)
      activesupport (>= 3.2.13)
      rack (>= 1.4.5)
    hike (1.2.3)
    htmldiff (0.0.1)
    i18n (0.7.0)
    journey (1.0.4)
    jquery-rails (1.0.19)
      railties (~> 3.0)
      thor (~> 0.14)
    json (1.8.1)
    launchy (2.0.5)
      addressable (~> 2.2.6)
    mail (2.5.4)
      mime-types (~> 1.16)
      treetop (~> 1.4.8)
    metaclass (0.0.4)
    mime-types (1.25.1)
    mocha (0.10.4)
      metaclass (~> 0.0.1)
    multi_json (1.10.1)
    pg (0.13.2)
    polyglot (0.3.5)
    puma (2.10.2)
      rack (>= 1.1, < 2.0)
    quiet_assets (1.1.0)
      railties (>= 3.1, < 5.0)
    rack (1.4.5)
    rack-cache (1.2)
      rack (>= 0.4)
    rack-ssl (1.3.4)
      rack
    rack-test (0.6.2)
      rack (>= 1.0)
    rails (3.2.21)
      actionmailer (= 3.2.21)
      actionpack (= 3.2.21)
      activerecord (= 3.2.21)
      activeresource (= 3.2.21)
      activesupport (= 3.2.21)
      bundler (~> 1.0)
      railties (= 3.2.21)
    rails_12factor (0.0.3)
      rails_serve_static_assets
      rails_stdout_logging
    rails_serve_static_assets (0.0.2)
    rails_stdout_logging (0.0.3)
    railties (3.2.21)
      actionpack (= 3.2.21)
      activesupport (= 3.2.21)
      rack-ssl (~> 1.3.2)
      rake (>= 0.8.7)
      rdoc (~> 3.4)
      thor (>= 0.14.6, < 2.0)
    rake (10.4.2)
    rdoc (3.12.2)
      json (~> 1.4)
    rspec (2.8.0)
      rspec-core (~> 2.8.0)
      rspec-expectations (~> 2.8.0)
      rspec-mocks (~> 2.8.0)
    rspec-core (2.8.0)
    rspec-expectations (2.8.0)
      diff-lcs (~> 1.1.2)
    rspec-mocks (2.8.0)
    rspec-rails (2.8.1)
      actionpack (>= 3.0)
      activesupport (>= 3.0)
      railties (>= 3.0)
      rspec (~> 2.8.0)
    sass (3.4.9)
    sass-rails (3.2.6)
      railties (~> 3.2.0)
      sass (>= 3.1.10)
      tilt (~> 1.3)
    shoulda-matchers (1.0.0)
    spork (0.9.0)
    sprockets (2.2.3)
      hike (~> 1.2)
      multi_json (~> 1.0)
      rack (~> 1.0)
      tilt (~> 1.1, != 1.3.0)
    term-ansicolor (1.0.7)
    thor (0.19.1)
    tilt (1.4.1)
    timecop (0.3.5)
    treetop (1.4.15)
      polyglot
      polyglot (>= 0.3.1)
    tzinfo (0.3.42)
    uglifier (2.6.0)
      execjs (>= 0.3.0)
      json (>= 1.8.0)
    yajl-ruby (1.1.0)
    yui-compressor (0.12.0)

PLATFORMS
  ruby

DEPENDENCIES
  bourbon (= 2.1.0)
  bourne (= 1.1.1)
  coffee-rails (~> 3.2.1)
  database_cleaner (= 0.7.1)
  dynamic_form (= 1.1.4)
  factory_girl_rails (= 1.7.0)
  fakeweb (= 1.3.0)
  flutie (= 1.3.3)
  foreman (= 0.40.0)
  formtastic (= 2.0.2)
  heroku_rails_deflate
  htmldiff (= 0.0.1)
  jquery-rails (= 1.0.19)
  launchy (= 2.0.5)
  pg (= 0.13.2)
  puma
  quiet_assets
  rails (= 3.2.21)
  rails_12factor
  rspec-rails (= 2.8.1)
  sass-rails (~> 3.2.5)
  shoulda-matchers (= 1.0.0)
  spork (= 0.9.0)
  timecop (= 0.3.5)
  uglifier
  yajl-ruby (= 1.1.0)
  yui-compressor
